GEM
  remote: https://rubygems.org/
  specs:
    csv (3.3.0)
    diff-lcs (1.5.1)
    dotenv (3.1.2)
    fileutils (1.7.2)
    json (2.7.2)
    nokogiri (1.16.6-x64-mingw-ucrt)
      racc (~> 1.4)
    racc (1.8.0)
    rspec (3.13.0)
      rspec-core (~> 3.13.0)
      rspec-expectations (~> 3.13.0)
      rspec-mocks (~> 3.13.0)
    rspec-core (3.13.0)
      rspec-support (~> 3.13.0)
    rspec-expectations (3.13.1)
      diff-lcs (>= 1.2.0, < 2.0)
      rspec-support (~> 3.13.0)
    rspec-mocks (3.13.1)
      diff-lcs (>= 1.2.0, < 2.0)
      rspec-support (~> 3.13.0)
    rspec-support (3.13.1)

PLATFORMS
  x64-mingw-ucrt

DEPENDENCIES
  bundler
  csv
  dotenv
  fileutils
  json
  nokogiri
  rspec

RUBY VERSION
   ruby 3.2.4p170

BUNDLED WITH
   2.5.14
